PATH
  remote: lib/gardenbed
  specs:
    gardenbed (0.1.0)
      curses
      eventmachine
      hashdiff
      logger

GEM
  remote: https://rubygems.org/
  specs:
    byebug (11.1.3)
    coderay (1.1.3)
    curses (1.3.2)
    eventmachine (1.2.7)
    hashdiff (1.0.1)
    logger (1.4.2)
    method_source (1.0.0)
    pry (0.13.1)
      coderay (~> 1.1)
      method_source (~> 1.0)
    pry-byebug (3.9.0)
      byebug (~> 11.0)
      pry (~> 0.13.0)
    pry-remote (0.1.8)
      pry (~> 0.9)
      slop (~> 3.0)
    rake (13.0.1)
    slop (3.6.0)

PLATFORMS
  ruby

DEPENDENCIES
  byebug
  gardenbed!
  pry
  pry-byebug
  pry-remote
  rake

BUNDLED WITH
   2.1.4
