PATH
  remote: .
  specs:
    gardenbed (0.1.0)
      curses
      logger

GEM
  remote: https://rubygems.org/
  specs:
    ast (2.4.0)
    byebug (11.1.3)
    coderay (1.1.2)
    curses (1.3.2)
    ffi (1.11.1)
    formatador (0.2.5)
    guard (2.15.1)
      formatador (>= 0.2.4)
      listen (>= 2.7, < 4.0)
      lumberjack (>= 1.0.12, < 2.0)
      nenv (~> 0.1)
      notiffany (~> 0.0)
      pry (>= 0.9.12)
      shellany (~> 0.0)
      thor (>= 0.18.1)
    jaro_winkler (1.5.3)
    listen (3.2.0)
      rb-fsevent (~> 0.10, >= 0.10.3)
      rb-inotify (~> 0.9, >= 0.9.10)
    logger (1.4.2)
    lumberjack (1.0.13)
    method_source (0.9.2)
    minitest (5.14.1)
    nenv (0.3.0)
    notiffany (0.1.3)
      nenv (~> 0.1)
      shellany (~> 0.0)
    parallel (1.17.0)
    parser (2.6.5.0)
      ast (~> 2.4.0)
    pry (0.12.2)
      coderay (~> 1.1.0)
      method_source (~> 0.9.0)
    pry-byebug (3.8.0)
      byebug (~> 11.0)
      pry (~> 0.10)
    pry-nav (0.3.0)
      pry (>= 0.9.10, < 0.13.0)
    pry-remote (0.1.8)
      pry (~> 0.9)
      slop (~> 3.0)
    rainbow (3.0.0)
    rake (13.0.1)
    rb-fsevent (0.10.3)
    rb-inotify (0.10.0)
      ffi (~> 1.0)
    rubocop (0.75.0)
      jaro_winkler (~> 1.5.1)
      parallel (~> 1.10)
      parser (>= 2.6)
      rainbow (>= 2.2.2, < 4.0)
      ruby-progressbar (~> 1.7)
      unicode-display_width (>= 1.4.0, < 1.7)
    ruby-progressbar (1.10.1)
    shellany (0.0.1)
    slop (3.6.0)
    thor (0.20.3)
    unicode-display_width (1.6.0)

PLATFORMS
  ruby

DEPENDENCIES
  bundler (~> 2.0)
  byebug
  gardenbed!
  guard
  minitest
  pry
  pry-byebug
  pry-nav
  pry-remote
  rake (~> 13.0)
  rubocop

BUNDLED WITH
   2.0.2
