PATH
  remote: lib/gardenbed
  specs:
    gardenbed (0.1.0)
      curses
      eventmachine
      hashdiff
      logger

GEM
  remote: https://rubygems.org/
  specs:
    byebug (11.1.3)
    curses (1.3.2)
    eventmachine (1.2.7)
    hashdiff (1.0.1)
    logger (1.4.2)

PLATFORMS
  ruby

DEPENDENCIES
  byebug
  gardenbed!

BUNDLED WITH
   2.1.4
